PATH
  remote: .
  specs:
    curb (0.9.10)

GEM
  remote: https://rubygems.org/
  specs:
    coderay (1.1.2)
    method_source (0.9.0)
    minitest (4.7.5)
    mixlib-shellout (2.4.0)
    power_assert (1.1.7)
    pry (0.11.3)
      coderay (~> 1.1.0)
      method_source (~> 0.9.0)
    rake (13.0.1)
    rdoc (6.0.4)
    test-unit (3.3.5)
      power_assert

PLATFORMS
  ruby

DEPENDENCIES
  curb!
  minitest
  mixlib-shellout
  pry
  rake (>= 13.0.1)
  rdoc
  test-unit

